GEM
  remote: http://rubygems.org/
  specs:
    googl (0.7.1)
      httparty (~> 0.10)
      json (>= 1.4.6)
    httparty (0.14.0)
      multi_xml (>= 0.5.2)
    json (2.0.3)
    mini_portile2 (2.1.0)
    multi_xml (0.6.0)
    nokogiri (1.7.0.1)
      mini_portile2 (~> 2.1.0)
    rack (2.0.1)

PLATFORMS
  ruby

DEPENDENCIES
  googl
  nokogiri
  rack

BUNDLED WITH
   1.13.7
