GEM
  remote: https://rubygems.org/
  specs:
    googl (0.7.1)
      httparty (~> 0.10)
      json (>= 1.4.6)
    httparty (0.21.0)
      mini_mime (>= 1.0.0)
      multi_xml (>= 0.5.2)
    json (2.6.3)
    mini_mime (1.1.2)
    mini_portile2 (2.8.1)
    multi_xml (0.6.0)
    nokogiri (1.14.2)
      mini_portile2 (~> 2.8.0)
      racc (~> 1.4)
    racc (1.6.2)
    rack (3.0.4.1)
    rexml (3.2.5)
    rss (0.2.9)
      rexml

PLATFORMS
  ruby

DEPENDENCIES
  googl
  nokogiri
  rack
  rss

BUNDLED WITH
   2.2.21
