GEM
  remote: http://rubygems.org/
  specs:
    googl (0.7.1)
      httparty (~> 0.10)
      json (>= 1.4.6)
    httparty (0.21.0)
      mini_mime (>= 1.0.0)
      multi_xml (>= 0.5.2)
    json (2.2.0)
    mini_mime (1.1.2)
    mini_portile2 (2.4.0)
    multi_xml (0.6.0)
    nokogiri (1.10.4)
      mini_portile2 (~> 2.4.0)
    rack (2.0.7)

PLATFORMS
  ruby

DEPENDENCIES
  googl
  nokogiri
  rack

BUNDLED WITH
   1.17.2
